GEM
  remote: https://rubygems.org/
  specs:
    colorize (0.7.2)
    pdf-core (0.2.5)
    prawn (1.0.0)
      pdf-core (~> 0.2.2)
      ttfunk (~> 1.1.1)
    titleize (1.3.0)
    ttfunk (1.1.1)

PLATFORMS
  ruby

DEPENDENCIES
  colorize
  prawn
  titleize
